PATH
  remote: .
  specs:
    cloudapp-cli (1.0.0.beta.6)
      cloudapp (~> 2.0.0.beta.4)
      netrc (~> 0.7.7)

GEM
  remote: http://rubygems.org/
  specs:
    addressable (2.2.8)
    cloudapp (2.0.0.beta.4)
      leadlight (~> 0.0.7)
      typhoeus (~> 0.3.3)
    fail-fast (1.0.0)
    faraday (0.8.1)
      multipart-post (~> 1.1)
    fattr (2.2.1)
    hookr (1.1.1)
      fail-fast (= 1.0.0)
    leadlight (0.0.7)
      addressable (~> 2.2.0)
      faraday (= 0.8.1)
      fattr
      hookr
      link_header
      mime-types
      multi_json (~> 1.0.4)
    link_header (0.0.5)
    mime-types (1.19)
    multi_json (1.0.4)
    multipart-post (1.1.5)
    netrc (0.7.7)
    rake (0.9.2.2)
    typhoeus (0.3.3)
      mime-types

PLATFORMS
  ruby

DEPENDENCIES
  cloudapp-cli!
  rake
